GIT
  remote: git://github.com/sinatra/sinatra.git
  revision: f8abf619a42129abd336f9a6ebe3f689022c76aa
  specs:
    sinatra (1.4.4)
      rack (~> 1.4)
      rack-protection (~> 1.4)
      tilt (~> 1.3, >= 1.3.4)

GEM
  remote: https://rubygems.org/
  specs:
    haml (4.0.5)
      tilt
    rack (1.5.2)
    rack-protection (1.5.2)
      rack
    tilt (1.4.1)

PLATFORMS
  ruby

DEPENDENCIES
  haml
  sinatra!
